GIT
  remote: git://github.com/dwilkie/phone_number_miner.git
  revision: 0ec5ef429914a7645d0ab59444c111ba5380b6cb
  specs:
    phone_number_miner (0.0.1)
      google-transliterate
      mechanize

GIT
  remote: git://github.com/myronmarston/vcr.git
  revision: 229801b8423d3d2d3d0559dd785d7824b06494b6
  specs:
    vcr (2.3.0)

GEM
  remote: https://rubygems.org/
  specs:
    addressable (2.3.5)
    aws-sdk (1.11.1)
      json (~> 1.4)
      nokogiri (>= 1.4.4)
      uuidtools (~> 2.1)
    coderay (1.0.9)
    crack (0.4.1)
      safe_yaml (~> 0.9.0)
    diff-lcs (1.2.4)
    domain_name (0.5.12)
      unf (>= 0.0.5, < 1.0.0)
    ffi (1.9.0)
    formatador (0.2.4)
    google-transliterate (0.0.1)
      httparty
    guard (1.8.1)
      formatador (>= 0.2.4)
      listen (>= 1.0.0)
      lumberjack (>= 1.0.2)
      pry (>= 0.9.10)
      thor (>= 0.14.6)
    guard-rspec (3.0.2)
      guard (>= 1.8)
      rspec (~> 2.13)
    http-cookie (1.0.1)
      domain_name (~> 0.5)
    httparty (0.11.0)
      multi_json (~> 1.0)
      multi_xml (>= 0.5.2)
    json (1.8.0)
    listen (1.2.2)
      rb-fsevent (>= 0.9.3)
      rb-inotify (>= 0.9)
      rb-kqueue (>= 0.2)
    lumberjack (1.0.4)
    mechanize (2.7.1)
      domain_name (~> 0.5, >= 0.5.1)
      http-cookie (~> 1.0.0)
      mime-types (~> 1.17, >= 1.17.2)
      net-http-digest_auth (~> 1.1, >= 1.1.1)
      net-http-persistent (~> 2.5, >= 2.5.2)
      nokogiri (~> 1.4)
      ntlm-http (~> 0.1, >= 0.1.1)
      webrobots (>= 0.0.9, < 0.2)
    method_source (0.8.1)
    mime-types (1.23)
    mini_portile (0.5.1)
    multi_json (1.7.7)
    multi_xml (0.5.4)
    net-http-digest_auth (1.3)
    net-http-persistent (2.8)
    nokogiri (1.6.0)
      mini_portile (~> 0.5.0)
    ntlm-http (0.1.1)
    pry (0.9.12.2)
      coderay (~> 1.0.5)
      method_source (~> 0.8)
      slop (~> 3.4)
    rake (10.1.0)
    rb-fsevent (0.9.3)
    rb-inotify (0.9.0)
      ffi (>= 0.5.0)
    rb-kqueue (0.2.0)
      ffi (>= 0.5.0)
    rspec (2.14.1)
      rspec-core (~> 2.14.0)
      rspec-expectations (~> 2.14.0)
      rspec-mocks (~> 2.14.0)
    rspec-core (2.14.3)
    rspec-expectations (2.14.0)
      diff-lcs (>= 1.1.3, < 2.0)
    rspec-mocks (2.14.1)
    safe_yaml (0.9.4)
    slop (3.4.5)
    thor (0.18.1)
    timecop (0.6.2)
    unf (0.1.1)
      unf_ext
    unf_ext (0.0.6)
    uuidtools (2.1.4)
    webmock (1.13.0)
      addressable (>= 2.2.7)
      crack (>= 0.3.2)
    webrobots (0.1.1)

PLATFORMS
  ruby

DEPENDENCIES
  aws-sdk (~> 1.0)
  guard-rspec
  phone_number_miner!
  rake
  rspec
  timecop
  vcr!
  webmock
